GEM
  remote: https://rubygems.org/
  specs:
  wkhtmltopdf-heroku (2.12.2.1)
 
PLATFORMS
  ruby
 
DEPENDENCIES
  wkhtmltopdf-heroku 
